GEM
  remote: https://rubygems.org/
  specs:
    actioncable (6.0.4)
      actionpack (= 6.0.4)
      nio4r (~> 2.0)
      websocket-driver (>= 0.6.1)
    actionmailbox (6.0.4)
      actionpack (= 6.0.4)
      activejob (= 6.0.4)
      activerecord (= 6.0.4)
      activestorage (= 6.0.4)
      activesupport (= 6.0.4)
      mail (>= 2.7.1)
    actionmailer (6.0.4)
      actionpack (= 6.0.4)
      actionview (= 6.0.4)
      activejob (= 6.0.4)
      mail (~> 2.5, >= 2.5.4)
      rails-dom-testing (~> 2.0)
    actionpack (6.0.4)
      actionview (= 6.0.4)
      activesupport (= 6.0.4)
      rack (~> 2.0, >= 2.0.8)
      rack-test (>= 0.6.3)
      rails-dom-testing (~> 2.0)
      rails-html-sanitizer (~> 1.0, >= 1.2.0)
    actiontext (6.0.4)
      actionpack (= 6.0.4)
      activerecord (= 6.0.4)
      activestorage (= 6.0.4)
      activesupport (= 6.0.4)
      nokogiri (>= 1.8.5)
    actionview (6.0.4)
      activesupport (= 6.0.4)
      builder (~> 3.1)
      erubi (~> 1.4)
      rails-dom-testing (~> 2.0)
      rails-html-sanitizer (~> 1.1, >= 1.2.0)
    active_storage_validations (0.9.5)
      rails (>= 5.2.0)
    activejob (6.0.4)
      activesupport (= 6.0.4)
      globalid (>= 0.3.6)
    activemodel (6.0.4)
      activesupport (= 6.0.4)
    activerecord (6.0.4)
      activemodel (= 6.0.4)
      activesupport (= 6.0.4)
    activerecord-precounter (0.4.0)
      activerecord (>= 5)
    activestorage (6.0.4)
      actionpack (= 6.0.4)
      activejob (= 6.0.4)
      activerecord (= 6.0.4)
      marcel (~> 1.0.0)
    activesupport (6.0.4)
      concurrent-ruby (~> 1.0, >= 1.0.2)
      i18n (>= 0.7, < 2)
      minitest (~> 5.1)
      tzinfo (~> 1.1)
      zeitwerk (~> 2.2, >= 2.2.2)
    acts_as_list (1.0.4)
      activerecord (>= 4.2)
    addressable (2.8.0)
      public_suffix (>= 2.0.2, < 5.0)
    airbrake (11.0.3)
      airbrake-ruby (~> 5.1)
    airbrake-ruby (5.2.1)
      rbtree3 (~> 0.5)
    ancestry (4.1.0)
      activerecord (>= 5.2.6)
    andand (1.3.3)
    apparition (0.6.0)
      capybara (~> 3.13, < 4)
      websocket-driver (>= 0.6.5)
    ar_doc_store (2.0.6)
      activerecord (>= 5.2)
      pg
    ast (2.4.2)
    bcrypt (3.1.16)
    bindex (0.8.1)
    bootsnap (1.7.5)
      msgpack (~> 1.0)
    builder (3.2.4)
    byebug (11.1.3)
    cancancan (3.3.0)
    capybara (3.35.3)
      addressable
      mini_mime (>= 0.1.3)
      nokogiri (~> 1.8)
      rack (>= 1.6.0)
      rack-test (>= 0.6.3)
      regexp_parser (>= 1.5, < 3.0)
      xpath (~> 3.2)
    childprocess (3.0.0)
    coderay (1.1.3)
    concurrent-ruby (1.1.9)
    crass (1.0.6)
    devise (4.8.0)
      bcrypt (~> 3.0)
      orm_adapter (~> 0.1)
      railties (>= 4.1.0)
      responders
      warden (~> 1.2.3)
    devise-bootstrap-views (1.1.0)
    devise-encryptable (0.2.0)
      devise (>= 2.1.0)
    devise_invitable (2.0.5)
      actionmailer (>= 5.0)
      devise (>= 4.6)
    diff-lcs (1.4.4)
    dotenv (2.7.6)
    dotenv-rails (2.7.6)
      dotenv (= 2.7.6)
      railties (>= 3.2)
    erubi (1.10.0)
    factory_bot (6.2.0)
      activesupport (>= 5.0.0)
    factory_bot_rails (6.2.0)
      factory_bot (~> 6.2.0)
      railties (>= 5.0.0)
    faker (2.18.0)
      i18n (>= 1.6, < 2)
    fast_jsonapi (1.5)
      activesupport (>= 4.2)
    ffi (1.15.3)
    font-awesome-rails (4.7.0.7)
      railties (>= 3.2, < 7)
    geocoder (1.6.7)
    globalid (0.4.2)
      activesupport (>= 4.2.0)
    i18n (1.8.10)
      concurrent-ruby (~> 1.0)
    image_processing (1.12.1)
      mini_magick (>= 4.9.5, < 5)
      ruby-vips (>= 2.0.17, < 3)
    jbuilder (2.11.2)
      activesupport (>= 5.0.0)
    json (2.5.1)
    kaminari (1.2.1)
      activesupport (>= 4.1.0)
      kaminari-actionview (= 1.2.1)
      kaminari-activerecord (= 1.2.1)
      kaminari-core (= 1.2.1)
    kaminari-actionview (1.2.1)
      actionview
      kaminari-core (= 1.2.1)
    kaminari-activerecord (1.2.1)
      activerecord
      kaminari-core (= 1.2.1)
    kaminari-core (1.2.1)
    launchy (2.5.0)
      addressable (~> 2.7)
    letter_opener (1.7.0)
      launchy (~> 2.2)
    letter_opener_web (1.4.0)
      actionmailer (>= 3.2)
      letter_opener (~> 1.0)
      railties (>= 3.2)
    liquid (5.0.1)
    loofah (2.18.0)
      crass (~> 1.0.2)
      nokogiri (>= 1.5.9)
    mail (2.7.1)
      mini_mime (>= 0.1.1)
    marcel (1.0.1)
    memory_profiler (1.0.0)
    method_source (1.0.0)
    mini_magick (4.11.0)
    mini_mime (1.1.0)
    mini_portile2 (2.8.0)
    minitest (5.14.4)
    msgpack (1.4.2)
    nio4r (2.5.7)
    nokogiri (1.13.6)
      mini_portile2 (~> 2.8.0)
      racc (~> 1.4)
    non-stupid-digest-assets (1.0.9)
      sprockets (>= 2.0)
    orm_adapter (0.5.0)
    paper_trail (12.0.0)
      activerecord (>= 5.2)
      request_store (~> 1.1)
    parallel (1.20.1)
    parser (3.0.2.0)
      ast (~> 2.4.1)
    pg (1.2.3)
    pg_search (2.3.5)
      activerecord (>= 5.2)
      activesupport (>= 5.2)
    pry (0.14.1)
      coderay (~> 1.1)
      method_source (~> 1.0)
    public_suffix (4.0.6)
    puma (5.3.2)
      nio4r (~> 2.0)
    racc (1.6.0)
    rack (2.2.3)
    rack-proxy (0.7.0)
      rack
    rack-test (1.1.0)
      rack (>= 1.0, < 3)
    rails (6.0.4)
      actioncable (= 6.0.4)
      actionmailbox (= 6.0.4)
      actionmailer (= 6.0.4)
      actionpack (= 6.0.4)
      actiontext (= 6.0.4)
      actionview (= 6.0.4)
      activejob (= 6.0.4)
      activemodel (= 6.0.4)
      activerecord (= 6.0.4)
      activestorage (= 6.0.4)
      activesupport (= 6.0.4)
      bundler (>= 1.3.0)
      railties (= 6.0.4)
      sprockets-rails (>= 2.0.0)
    rails-dom-testing (2.0.3)
      activesupport (>= 4.2.0)
      nokogiri (>= 1.6)
    rails-html-sanitizer (1.4.3)
      loofah (~> 2.3)
    railties (6.0.4)
      actionpack (= 6.0.4)
      activesupport (= 6.0.4)
      method_source
      rake (>= 0.8.7)
      thor (>= 0.20.3, < 2.0)
    rainbow (3.0.0)
    rake (13.0.6)
    ransack (2.4.2)
      activerecord (>= 5.2.4)
      activesupport (>= 5.2.4)
      i18n
    rbtree3 (0.6.0)
    recaptcha (5.8.1)
      json
    regexp_parser (2.1.1)
    request_store (1.5.0)
      rack (>= 1.4)
    responders (3.0.1)
      actionpack (>= 5.0)
      railties (>= 5.0)
    rexml (3.2.5)
    rspec-core (3.10.1)
      rspec-support (~> 3.10.0)
    rspec-expectations (3.10.1)
      diff-lcs (>= 1.2.0, < 2.0)
      rspec-support (~> 3.10.0)
    rspec-mocks (3.10.2)
      diff-lcs (>= 1.2.0, < 2.0)
      rspec-support (~> 3.10.0)
    rspec-rails (5.0.1)
      actionpack (>= 5.2)
      activesupport (>= 5.2)
      railties (>= 5.2)
      rspec-core (~> 3.10)
      rspec-expectations (~> 3.10)
      rspec-mocks (~> 3.10)
      rspec-support (~> 3.10)
    rspec-support (3.10.2)
    rubocop (1.18.3)
      parallel (~> 1.10)
      parser (>= 3.0.0.0)
      rainbow (>= 2.2.2, < 4.0)
      regexp_parser (>= 1.8, < 3.0)
      rexml
      rubocop-ast (>= 1.7.0, < 2.0)
      ruby-progressbar (~> 1.7)
      unicode-display_width (>= 1.4.0, < 3.0)
    rubocop-ast (1.8.0)
      parser (>= 3.0.1.1)
    rubocop-rails (2.11.3)
      activesupport (>= 4.2.0)
      rack (>= 1.1)
      rubocop (>= 1.7.0, < 2.0)
    ruby-progressbar (1.11.0)
    ruby-vips (2.1.2)
      ffi (~> 1.12)
    rubyXL (3.4.17)
      nokogiri (>= 1.10.8)
      rubyzip (>= 1.3.0)
    rubyzip (2.3.2)
    selenium-webdriver (3.142.7)
      childprocess (>= 0.5, < 4.0)
      rubyzip (>= 1.2.2)
    semantic_range (3.0.0)
    simple_form (5.1.0)
      actionpack (>= 5.2)
      activemodel (>= 5.2)
    slim (4.1.0)
      temple (>= 0.7.6, < 0.9)
      tilt (>= 2.0.6, < 2.1)
    spring (2.1.1)
    sprockets (4.0.2)
      concurrent-ruby (~> 1.0)
      rack (> 1, < 3)
    sprockets-rails (3.2.2)
      actionpack (>= 4.0)
      activesupport (>= 4.0)
      sprockets (>= 3.0.0)
    temple (0.8.2)
    thor (1.1.0)
    thread_safe (0.3.6)
    tilt (2.0.10)
    tzinfo (1.2.9)
      thread_safe (~> 0.1)
    unicode-display_width (2.0.0)
    warden (1.2.9)
      rack (>= 2.0.9)
    web-console (4.1.0)
      actionview (>= 6.0.0)
      activemodel (>= 6.0.0)
      bindex (>= 0.4.0)
      railties (>= 6.0.0)
    webdrivers (4.6.0)
      nokogiri (~> 1.6)
      rubyzip (>= 1.3.0)
      selenium-webdriver (>= 3.0, < 4.0)
    webpacker (5.4.0)
      activesupport (>= 5.2)
      rack-proxy (>= 0.6.1)
      railties (>= 5.2)
      semantic_range (>= 2.3.0)
    websocket-driver (0.7.5)
      websocket-extensions (>= 0.1.0)
    websocket-extensions (0.1.5)
    xpath (3.2.0)
      nokogiri (~> 1.8)
    zeitwerk (2.4.2)

PLATFORMS
  ruby

DEPENDENCIES
  active_storage_validations
  activerecord-precounter
  acts_as_list
  airbrake
  ancestry
  andand
  apparition
  ar_doc_store
  bcrypt
  bootsnap
  byebug
  cancancan
  capybara
  devise
  devise-bootstrap-views (~> 1.0)
  devise-encryptable
  devise_invitable
  dotenv-rails
  factory_bot_rails
  faker
  fast_jsonapi
  font-awesome-rails
  geocoder
  image_processing
  jbuilder (~> 2.0)
  kaminari
  letter_opener
  letter_opener_web
  liquid
  memory_profiler
  mini_magick
  non-stupid-digest-assets
  paper_trail
  pg
  pg_search
  pry
  puma
  rails (< 6.1)
  ransack
  recaptcha
  rspec-rails
  rubocop-rails
  ruby-vips
  rubyXL
  rubyzip
  simple_form
  slim
  spring
  web-console
  webdrivers
  webpacker

RUBY VERSION
   ruby 2.7.2p137

BUNDLED WITH
   2.1.4
